GEM
  remote: https://rubygems.org/
  specs:
    feed-normalizer (1.5.2)
      hpricot (>= 0.6)
      simple-rss (>= 1.1)
    hpricot (0.8.6)
    mustermann (1.0.1)
    puma (3.11.2)
    rack (2.0.3)
    rack-protection (2.0.0)
      rack
    simple-rss (1.3.1)
    sinatra (2.0.0)
      mustermann (~> 1.0)
      rack (~> 2.0)
      rack-protection (= 2.0.0)
      tilt (~> 2.0)
    sinatra-cross_origin (0.4.0)
    tilt (2.0.8)

PLATFORMS
  ruby

DEPENDENCIES
  feed-normalizer
  hpricot
  puma
  sinatra
  sinatra-cross_origin

BUNDLED WITH
   1.16.1
